GEM
  remote: https://rubygems.org/
  specs:
    concurrent-ruby (1.1.5)
    daemons (1.3.1)
    eventmachine (1.2.7)
    hitimes (1.3.1)
    http_tools (0.4.5)
    ld-eventsource (1.0.1)
      concurrent-ruby (~> 1.0)
      http_tools (~> 0.4.5)
      socketry (~> 0.5.1)
    mustermann (1.0.3)
    rack (2.0.7)
    rack-protection (2.0.7)
      rack
    sinatra (2.0.7)
      mustermann (~> 1.0)
      rack (~> 2.0)
      rack-protection (= 2.0.7)
      tilt (~> 2.0)
    socketry (0.5.1)
      hitimes (~> 1.2)
    thin (1.7.2)
      daemons (~> 1.0, >= 1.0.9)
      eventmachine (~> 1.0, >= 1.0.4)
      rack (>= 1, < 3)
    tilt (2.0.10)

PLATFORMS
  ruby

DEPENDENCIES
  ld-eventsource
  sinatra
  thin

BUNDLED WITH
   2.0.2
